PATH
  remote: .
  specs:
    learn-test (2.6.1)
      colorize (~> 0.8.1)
      crack (~> 0.4.3)
      faraday (~> 0.9)
      git (~> 1.2)
      jasmine (~> 2.6.0, >= 2.6.0)
      jasmine-core (< 2.99.1)
      netrc (~> 0.11.0)
      oj (~> 2.9)
      rainbow (= 1.99.2)
      rspec (~> 3.0)
      selenium-webdriver (~> 2.52.0, >= 2.52.0)
      webrick (~> 1.3.1, >= 1.3.1)

GEM
  remote: https://rubygems.org/
  specs:
    childprocess (0.9.0)
      ffi (~> 1.0, >= 1.0.11)
    colorize (0.8.1)
    crack (0.4.3)
      safe_yaml (~> 1.0.0)
    diff-lcs (1.4.4)
    faraday (0.17.3)
      multipart-post (>= 1.2, < 3)
    ffi (1.13.1)
    git (1.7.0)
      rchardet (~> 1.8)
    jasmine (2.6.0)
      jasmine-core (>= 2.6.0, < 3.0.0)
      phantomjs
      rack (>= 1.2.1)
      rake
    jasmine-core (2.99.0)
    multi_json (1.15.0)
    multipart-post (2.1.1)
    netrc (0.11.0)
    oj (2.18.5)
    phantomjs (2.1.1.0)
    rack (2.2.3)
    rainbow (1.99.2)
    rake (13.0.1)
    rchardet (1.8.0)
    rspec (3.9.0)
      rspec-core (~> 3.9.0)
      rspec-expectations (~> 3.9.0)
      rspec-mocks (~> 3.9.0)
    rspec-core (3.9.2)
      rspec-support (~> 3.9.3)
    rspec-expectations (3.9.2)
      diff-lcs (>= 1.2.0, < 2.0)
      rspec-support (~> 3.9.0)
    rspec-mocks (3.9.1)
      diff-lcs (>= 1.2.0, < 2.0)
      rspec-support (~> 3.9.0)
    rspec-support (3.9.3)
    rspec_junit_formatter (0.4.1)
      rspec-core (>= 2, < 4, != 2.12.0)
    rubyzip (1.3.0)
    safe_yaml (1.0.5)
    selenium-webdriver (2.52.0)
      childprocess (~> 0.5)
      multi_json (~> 1.0)
      rubyzip (~> 1.0)
      websocket (~> 1.0)
    webrick (1.3.1)
    websocket (1.2.8)

PLATFORMS
  ruby

DEPENDENCIES
  bundler (~> 2.0)
  learn-test!
  rake (~> 13.0)
  rspec (~> 3.8)
  rspec_junit_formatter (~> 0.4.1)

BUNDLED WITH
   2.1.4
